GEM
  remote: https://rubygems.org/
  specs:
    dotenv (2.0.2)
    haml (4.0.7)
      tilt
    httparty (0.13.3)
      json (~> 1.8)
      multi_xml (>= 0.5.2)
    json (1.8.2)
    multi_xml (0.5.5)
    rack (1.6.4)
    rack-protection (1.5.3)
      rack
    redis (3.2.1)
    sass (3.4.19)
    sinatra (1.4.6)
      rack (~> 1.4)
      rack-protection (~> 1.4)
      tilt (>= 1.3, < 3)
    tilt (2.0.1)

PLATFORMS
  ruby

DEPENDENCIES
  dotenv
  haml
  httparty
  redis
  sass
  sinatra

BUNDLED WITH
   1.10.6
