GIT
  remote: git://github.com/aetrion/dnsimple-ruby.git
  revision: 5347a6498d50a908786d3bf11c22a6258015e856
  specs:
    dnsimple (3.0.0)
      httparty

GEM
  remote: https://rubygems.org/
  specs:
    bugsnag (2.8.12)
      json (~> 1.7, >= 1.7.7)
    diff-lcs (1.2.5)
    dotenv (2.0.2)
    haml (4.0.7)
      tilt
    hike (1.2.3)
    httparty (0.13.7)
      json (~> 1.8)
      multi_xml (>= 0.5.2)
    json (1.8.3)
    multi_json (1.11.2)
    multi_xml (0.5.5)
    puma (2.15.3)
    rack (1.6.4)
    rack-protection (1.5.3)
      rack
    redis (3.2.2)
    rspec (3.4.0)
      rspec-core (~> 3.4.0)
      rspec-expectations (~> 3.4.0)
      rspec-mocks (~> 3.4.0)
    rspec-core (3.4.1)
      rspec-support (~> 3.4.0)
    rspec-expectations (3.4.0)
      diff-lcs (>= 1.2.0, < 2.0)
      rspec-support (~> 3.4.0)
    rspec-mocks (3.4.1)
      diff-lcs (>= 1.2.0, < 2.0)
      rspec-support (~> 3.4.0)
    rspec-support (3.4.1)
    sass (3.4.19)
    sinatra (1.4.6)
      rack (~> 1.4)
      rack-protection (~> 1.4)
      tilt (>= 1.3, < 3)
    sprockets (2.12.4)
      hike (~> 1.2)
      multi_json (~> 1.0)
      rack (~> 1.0)
      tilt (~> 1.1, != 1.3.0)
    sprockets-sass (1.3.1)
      sprockets (~> 2.0)
      tilt (~> 1.1)
    tilt (1.4.1)
    warden (1.2.4)
      rack (>= 1.0)

PLATFORMS
  ruby

DEPENDENCIES
  bugsnag
  dnsimple!
  dotenv
  haml
  httparty
  puma
  redis
  rspec
  sass
  sinatra
  sprockets
  sprockets-sass
  warden

BUNDLED WITH
   1.10.6
